GEM
  remote: https://rubygems.org/
  specs:
    directory_watcher (1.4.1)
    ffi (1.9.18)
    haml (4.0.5)
      tilt
    rb-inotify (0.9.10)
      ffi (>= 0.5.0, < 2)
    sass (3.2.19)
    slim (2.0.2)
      temple (~> 0.6.6)
      tilt (>= 1.3.3, < 2.1)
    slop (3.3.2)
    stasis (0.2.0)
      directory_watcher (= 1.4.1)
      slop (= 3.3.2)
      tilt (= 1.3.3)
    temple (0.6.7)
    tilt (1.3.3)

PLATFORMS
  ruby

DEPENDENCIES
  haml
  rb-inotify
  sass
  slim
  stasis
  tilt

BUNDLED WITH
   1.10.6
