GEM
  remote: https://rubygems.org/
  specs:
    directory_watcher (1.4.1)
    haml (4.0.5)
      tilt
    sass (3.2.19)
    slim (2.0.2)
      temple (~> 0.6.6)
      tilt (>= 1.3.3, < 2.1)
    slop (3.3.2)
    stasis (0.2.0)
      directory_watcher (= 1.4.1)
      slop (= 3.3.2)
      tilt (= 1.3.3)
    temple (0.6.7)
    tilt (1.3.3)

PLATFORMS
  ruby

DEPENDENCIES
  haml
  sass
  slim
  stasis
  tilt
